GEM
  remote: https://rubygems.org/
  specs:
    rack (2.2.6.2)
    rake (13.0.1)

PLATFORMS
  ruby

DEPENDENCIES
  rack
  rake
