GEM
  remote: https://rubygems.org/
  specs:
    rack (2.2.2)
    rake (13.0.1)
    webrick (1.8.2)

PLATFORMS
  ruby

DEPENDENCIES
  rack
  rake
  webrick

BUNDLED WITH
   2.5.23
